GEM
  remote: https://rubygems.org/
  specs:
    byebug (9.0.5)
    polyglot (0.3.5)
    treetop (1.6.8)
      polyglot (~> 0.3)

PLATFORMS
  ruby

DEPENDENCIES
  byebug
  treetop

BUNDLED WITH
   1.11.2
